GEM
  remote: https://rubygems.org/
  specs:
    chunky_png (1.4.0)
    pdfkit (0.8.5)
    rqrcode (2.1.1)
      chunky_png (~> 1.0)
      rqrcode_core (~> 1.0)
    rqrcode_core (1.2.0)
    rqrcode_png (0.1.5)
      chunky_png
      rqrcode
    wkhtmltopdf-binary (0.12.6.5)

PLATFORMS
  ruby

DEPENDENCIES
  pdfkit
  rqrcode
  rqrcode_png
  wkhtmltopdf-binary

BUNDLED WITH
   2.1.4
